GIT
  remote: git://github.com/simplificator/babel.git
  revision: db3cc304d7abd7a6d3ae70c0a9aef65ef768c24f
  specs:
    babel (0.2.0)
      ya2yaml (>= 0.2.6)

GEM
  remote: https://rubygems.org/
  specs:
    diff-lcs (1.1.3)
    rspec (2.11.0)
      rspec-core (~> 2.11.0)
      rspec-expectations (~> 2.11.0)
      rspec-mocks (~> 2.11.0)
    rspec-core (2.11.1)
    rspec-expectations (2.11.3)
      diff-lcs (~> 1.1.3)
    rspec-mocks (2.11.3)
    ya2yaml (0.31)

PLATFORMS
  ruby

DEPENDENCIES
  babel!
  rspec
